PATH
  remote: .
  specs:
    deer (1.0.0)

GEM
  remote: https://rubygems.org/
  specs:
    rake (12.3.3)

PLATFORMS
  ruby

DEPENDENCIES
  deer!
  rake (~> 12.3)

BUNDLED WITH
   2.1.4
